PATH
  remote: .
  specs:
    traquitana (0.1.2)
      highline
      net-scp
      net-ssh
      rubyzip (>= 2.0.0)

GEM
  remote: https://rubygems.org/
  specs:
    highline (2.0.3)
    net-scp (2.0.0)
      net-ssh (>= 2.6.5, < 6.0.0)
    net-ssh (5.2.0)
    rubyzip (2.0.0)

PLATFORMS
  ruby

DEPENDENCIES
  traquitana!

BUNDLED WITH
   1.17.2
