PATH
  remote: .
  specs:
    traquitana (0.1.0)
      highline
      net-scp
      net-ssh
      rubyzip (>= 1.0.0)

GEM
  remote: https://rubygems.org/
  specs:
    highline (1.7.8)
    net-scp (1.2.1)
      net-ssh (>= 2.6.5)
    net-ssh (4.1.0)
    rubyzip (1.2.1)

PLATFORMS
  ruby

DEPENDENCIES
  traquitana!

BUNDLED WITH
   1.14.6
